PATH
  remote: .
  specs:
    sinatra-multi-screen (0.0.6)
      event_emitter
      sinatra (>= 1.3.3)
      sinatra-cometio (>= 0.1.3, < 0.2.0)

GEM
  remote: https://rubygems.org/
  specs:
    backports (3.1.0)
    event_emitter (0.2.3)
    eventmachine (1.0.1)
    httparty (0.10.2)
      multi_json (~> 1.0)
      multi_xml (>= 0.5.2)
    json (1.7.7)
    multi_json (1.6.1)
    multi_xml (0.5.3)
    rack (1.5.2)
    rack-protection (1.4.0)
      rack
    rack-test (0.6.2)
      rack (>= 1.0)
    sinatra (1.3.5)
      rack (~> 1.4)
      rack-protection (~> 1.3)
      tilt (~> 1.3, >= 1.3.3)
    sinatra-cometio (0.1.8)
      event_emitter (>= 0.2.0)
      eventmachine (>= 1.0.0)
      httparty
      json (>= 1.7.0)
      rack
      sinatra (>= 1.3.3)
      sinatra-contrib (>= 1.3.2)
    sinatra-contrib (1.3.2)
      backports (>= 2.0)
      eventmachine
      rack-protection
      rack-test
      sinatra (~> 1.3.0)
      tilt (~> 1.3)
    tilt (1.3.4)

PLATFORMS
  ruby

DEPENDENCIES
  sinatra-multi-screen!
